GEM
  remote: https://rubygems.org/
  specs:
    colorize (0.8.1)

PLATFORMS
  ruby

DEPENDENCIES
  colorize

RUBY VERSION
   ruby 2.4.0p0

BUNDLED WITH
   1.16.0
